GEM
  remote: https://rubygems.org/
  specs:
    ds9 (1.4.1)
      mini_portile2 (>= 2.2.0)
    google-protobuf (3.12.4)
    googleapis-common-protos-types (1.0.5)
      google-protobuf (~> 3.11)
    grpc_kit (0.3.9)
      ds9 (>= 1.4.0)
      google-protobuf (>= 3.7.0)
      googleapis-common-protos-types (>= 1.0.2)
    mini_portile2 (2.5.0)

PLATFORMS
  ruby

DEPENDENCIES
  grpc_kit

BUNDLED WITH
   2.1.4
